GEM
  remote: http://rubygems.org/
  specs:
    csv (3.3.0)
    pg (1.5.7)

PLATFORMS
  ruby
  x86_64-linux

DEPENDENCIES
  csv
  pg

BUNDLED WITH
   2.5.4
